PATH
  remote: .
  specs:
    tomdz-jira4r (0.5.0)
      tomdz-soap4r (>= 1.5.8)

GEM
  remote: http://rubygems.org/
  specs:
    bouncy-castle-java (1.5.0145.2)
    httpclient (2.1.5.2)
    jruby-openssl (0.7.3)
      bouncy-castle-java
    rake (0.8.7)
    shoulda (2.11.3)
    thoughtbot-shoulda (2.11.1)
    tomdz-soap4r (1.5.8.20111103171510)
      httpclient (>= 2.1.5.2)

PLATFORMS
  java
  ruby

DEPENDENCIES
  jruby-openssl
  rake
  shoulda
  thoughtbot-shoulda
  tomdz-jira4r!
  tomdz-soap4r
